PATH
remote: .
specs:
 zoo_for_you (0.1.0)

GEM
  remote: https://rubygems.org/
  specs:
    coderay (1.1.3)
    diff-lcs (1.3)
    httparty (0.18.1)
      mime-types (~> 3.0)
      multi_xml (>= 0.5.2)
    json (2.3.0)
    method_source (1.0.0)
    mime-types (3.3.1)
      mime-types-data (~> 3.2015)
    mime-types-data (3.2020.0512)
    mini_portile2 (2.4.0)
    multi_xml (0.6.0)
    nokogiri (1.10.9)
      mini_portile2 (~> 2.4.0)
    pry (0.13.1)
      coderay (~> 1.1)
      method_source (~> 1.0)
    rake (12.3.3)
      diff-lcs (>= 1.2.0, < 2.0)     
    uri (0.10.0)

PLATFORMS
  ruby

DEPENDENCIES
  httparty (~> 0.18.1)
  zoo_for_you!
  json (~> 2.3)
  nokogiri (~> 1.10)
  pry (~> 0.13.1)
  rake (~> 12.0)
   uri (~> 0.10.0)

BUNDLED WITH
   2.1.4
